PATH
  remote: .
  specs:
    saucer (0.0.1)

GEM
  remote: https://rubygems.org/
  specs:
    axiom-types (0.1.1)
      descendants_tracker (~> 0.0.4)
      ice_nine (~> 0.11.0)
      thread_safe (~> 0.3, >= 0.3.1)
    binding_of_caller (0.7.2)
      debug_inspector (>= 0.0.1)
    coderay (1.1.0)
    coercible (1.0.0)
      descendants_tracker (~> 0.0.1)
    columnize (0.8.9)
    debug_inspector (0.0.2)
    debugger (1.6.8)
      columnize (>= 0.3.1)
      debugger-linecache (~> 1.2.0)
      debugger-ruby_core_source (~> 1.3.5)
    debugger-linecache (1.2.0)
    debugger-ruby_core_source (1.3.5)
    descendants_tracker (0.0.4)
      thread_safe (~> 0.3, >= 0.3.1)
    diff-lcs (1.2.5)
    diffy (3.0.6)
    environs (1.1.0)
    equalizer (0.0.9)
    faraday (0.9.0)
      multipart-post (>= 1.2, < 3)
    faraday_middleware (0.9.1)
      faraday (>= 0.7.4, < 0.10)
    grit (2.5.0)
      diff-lcs (~> 1.1)
      mime-types (~> 1.15)
      posix-spawn (~> 0.3.6)
    hirb (0.7.2)
    ice_nine (0.11.0)
    memoist (0.10.0)
    method_source (0.8.2)
    mime-types (1.25.1)
    multipart-post (2.0.0)
    pmap (1.0.1)
    posix-spawn (0.3.9)
    pry (0.9.12.6)
      coderay (~> 1.0)
      method_source (~> 0.8)
      slop (~> 3.4)
    pry-debugger (0.2.3)
      debugger (~> 1.3)
      pry (>= 0.9.10, < 0.11.0)
    pry-doc (0.6.0)
      pry (~> 0.9)
      yard (~> 0.8)
    pry-git (0.2.3)
      diffy
      grit
      pry (>= 0.9.8)
    pry-rails (0.3.2)
      pry (>= 0.9.10)
    pry-remote (0.1.8)
      pry (~> 0.9)
      slop (~> 3.0)
    pry-stack_explorer (0.4.9.1)
      binding_of_caller (>= 0.7)
      pry (>= 0.9.11)
    pry-uber (0.0.2)
      hirb (~> 0.7.1)
      pry (~> 0.9.12.6)
      pry-debugger
      pry-doc
      pry-git
      pry-rails
      pry-remote
      pry-stack_explorer
      repl_rake
    rake (10.3.2)
    repl_rake (0.1.0)
    require_all (1.3.2)
    slop (3.6.0)
    stackprof (0.2.7)
    thread_safe (0.3.4)
    virtus (1.0.3)
      axiom-types (~> 0.1)
      coercible (~> 1.0)
      descendants_tracker (~> 0.0, >= 0.0.3)
      equalizer (~> 0.0, >= 0.0.9)
    yard (0.8.7.4)

PLATFORMS
  ruby

DEPENDENCIES
  bundler (~> 1.5)
  environs
  faraday
  faraday_middleware
  memoist
  pmap
  pry-uber
  rake
  require_all
  saucer!
  stackprof
  virtus
